GEM
  remote: https://rubygems.org/
  specs:
    autoprefixer-rails (1.1.20140410)
      execjs
    coffee-script (2.2.0)
      coffee-script-source
      execjs
    coffee-script-source (1.7.0)
    curb (0.8.5)
    execjs (2.0.2)
    feedjira (1.2.0)
      curb (~> 0.8.1)
      loofah (~> 1.2.1)
      sax-machine (~> 0.2.1)
    guess_html_encoding (0.0.9)
    json (1.8.1)
    loofah (1.2.1)
      nokogiri (>= 1.4.4)
    mini_portile (0.5.3)
    nokogiri (1.6.1)
      mini_portile (~> 0.5.0)
    rack (1.5.2)
    rack-protection (1.5.3)
      rack
    ruby-readability (0.6.2)
      guess_html_encoding (>= 0.0.4)
      nokogiri (>= 1.4.2)
    sax-machine (0.2.1)
      nokogiri (~> 1.6.0)
    shotgun (0.9)
      rack (>= 1.0)
    sinatra (1.4.5)
      rack (~> 1.4)
      rack-protection (~> 1.4)
      tilt (~> 1.3, >= 1.3.4)
    slim (2.0.2)
      temple (~> 0.6.6)
      tilt (>= 1.3.3, < 2.1)
    stylus (1.0.1)
      execjs
      stylus-source
    stylus-source (0.42.2)
    temple (0.6.7)
    tilt (1.4.1)

PLATFORMS
  ruby

DEPENDENCIES
  autoprefixer-rails
  coffee-script
  curb
  feedjira
  json
  nokogiri
  ruby-readability
  shotgun
  sinatra
  slim
  stylus
